PATH
  remote: .
  specs:
    podgraph (1.0.2)
      mail (~> 2.8.0)
      nokogiri (~> 1.14.0)

GEM
  remote: https://rubygems.org/
  specs:
    date (3.3.3)
    mail (2.8.0.1)
      mini_mime (>= 0.1.1)
      net-imap
      net-pop
      net-smtp
    mini_mime (1.1.2)
    net-imap (0.3.4)
      date
      net-protocol
    net-pop (0.1.2)
      net-protocol
    net-protocol (0.2.1)
      timeout
    net-smtp (0.3.3)
      net-protocol
    nokogiri (1.14.0-x86_64-linux)
      racc (~> 1.4)
    racc (1.6.2)
    timeout (0.3.1)

PLATFORMS
  x86_64-linux

DEPENDENCIES
  podgraph!

BUNDLED WITH
   2.4.1
